GIT
  remote: https://github.com/Seluxit/ruby_home-srp.git
  revision: 01354d2f7ec50a36277a4a15cc16fe5424c48e40
  specs:
    ruby_home-srp (1.1.3)
      srp-rb (= 1.0.1)

GIT
  remote: https://github.com/karlentwistle/ruby_home.git
  revision: 831fcce895647ee43ed4b4a1022742b88d596042
  specs:
    ruby_home (0.1.0)
      bindata (~> 2.4, >= 2.4.3)
      dnssd (~> 3.0)
      ed25519 (~> 1.2, >= 1.2.3)
      hkdf (~> 0.3.0)
      oj (~> 3.4)
      rbnacl (~> 5.0)
      rbnacl-libsodium (~> 1.0, >= 1.0.16)
      ruby_home-srp (~> 1.1.1)
      sinatra (~> 2.0)
      wisper (~> 1.6, >= 1.6.1)
      x25519 (~> 1.0, >= 1.0.5)

GEM
  remote: https://rubygems.org/
  specs:
    bindata (2.4.3)
    dnssd (3.0.1)
    ed25519 (1.2.4)
    ffi (1.9.25)
    hkdf (0.3.0)
    http_parser.rb (0.6.0)
    json (2.1.0)
    mustermann (1.0.2)
    oj (3.6.2)
    rack (2.0.5)
    rack-protection (2.0.3)
      rack
    rbnacl (5.0.0)
      ffi
    rbnacl-libsodium (1.0.16)
      rbnacl (>= 3.0.1)
    sinatra (2.0.3)
      mustermann (~> 1.0)
      rack (~> 2.0)
      rack-protection (= 2.0.3)
      tilt (~> 2.0)
    srp-rb (1.0.1)
    tilt (2.0.8)
    wisper (1.6.1)
    x25519 (1.0.7)

PLATFORMS
  ruby

DEPENDENCIES
  bindata
  http_parser.rb
  json
  ruby_home (= 0.1.0)!
  ruby_home-srp (= 1.1.3)!

BUNDLED WITH
   1.16.2
